GEM
  remote: https://rubygems.org/
  specs:
    byebug (12.0.0)
    kramdown (2.5.1)
      rexml (>= 3.3.9)
    pdfkit (0.8.7.3)
    rexml (3.4.2)

PLATFORMS
  aarch64-linux-gnu
  aarch64-linux-musl
  arm-linux-gnu
  arm-linux-musl
  arm64-darwin
  x86_64-darwin
  x86_64-linux-gnu
  x86_64-linux-musl

DEPENDENCIES
  byebug
  kramdown
  pdfkit (~> 0.8.6)

BUNDLED WITH
   2.5.23
